GEM
  remote: https://rubygems.org/
  specs:
    icalendar (2.4.0)

PLATFORMS
  ruby

DEPENDENCIES
  icalendar

RUBY VERSION
   ruby 2.3.0p0

BUNDLED WITH
   1.12.5
